GEM
  remote: https://rubygems.org/
  specs:
    test-unit (3.0.1)
      power_assert

PLATFORMS
  x64-mingw32

DEPENDENCIES
  test-unit (~> 3.0.1)
